PATH
  remote: .
  specs:
    imsg (0.0.8)
      rb-appscript

GEM
  remote: https://rubygems.org/
  specs:
    rake (10.1.1)
    rb-appscript (0.6.1)

PLATFORMS
  ruby

DEPENDENCIES
  bundler (~> 1.5)
  imsg!
  rake
